GEM
  remote: https://rubygems.org/
  specs:
    diff-lcs (1.2.5)
    pg (0.18.3)
    puma (2.13.4)
    rack (1.6.11)
    rack-protection (1.5.3)
      rack
    rack-test (0.7.0)
      rack (>= 1.0, < 3)
    rspec (3.3.0)
      rspec-core (~> 3.3.0)
      rspec-expectations (~> 3.3.0)
      rspec-mocks (~> 3.3.0)
    rspec-core (3.3.2)
      rspec-support (~> 3.3.0)
    rspec-expectations (3.3.1)
      diff-lcs (>= 1.2.0, < 2.0)
      rspec-support (~> 3.3.0)
    rspec-mocks (3.3.2)
      diff-lcs (>= 1.2.0, < 2.0)
      rspec-support (~> 3.3.0)
    rspec-support (3.3.0)
    sinatra (1.4.6)
      rack (~> 1.4)
      rack-protection (~> 1.4)
      tilt (>= 1.3, < 3)
    sinatra-cross_origin (0.3.2)
    tilt (2.0.1)

PLATFORMS
  ruby

DEPENDENCIES
  pg
  puma (= 2.13.4)
  rack-test (= 0.7.0)
  rspec (= 3.3.0)
  sinatra (= 1.4.6)
  sinatra-cross_origin (= 0.3.2)

BUNDLED WITH
   1.10.6
